GIT
  remote: https://github.com/EvGe22/nifi_sdk_ruby
  revision: c7d6819d238bad7c50fe02e928a325bfe35e5dc0
  specs:
    nifi_sdk_ruby (0.0.5)
      activesupport (>= 5.0.2)
      curb (>= 0.9.3)
      httparty (>= 0.14.0)
      json (>= 1.8.3)
      nokogiri (>= 1.6.7.2)

GEM
  remote: https://rubygems.org/
  specs:
    activesupport (5.1.0)
      concurrent-ruby (~> 1.0, >= 1.0.2)
      i18n (~> 0.7)
      minitest (~> 5.1)
      tzinfo (~> 1.1)
    concurrent-ruby (1.0.5)
    curb (0.9.3)
    httparty (0.14.0)
      multi_xml (>= 0.5.2)
    i18n (0.8.1)
    json (2.1.0)
    mini_portile2 (2.1.0)
    minitest (5.10.1)
    multi_xml (0.6.0)
    nokogiri (1.7.1)
      mini_portile2 (~> 2.1.0)
    thread_safe (0.3.6)
    tzinfo (1.2.3)
      thread_safe (~> 0.1)

PLATFORMS
  ruby

DEPENDENCIES
  nifi_sdk_ruby!

BUNDLED WITH
   1.14.6
